GEM
  remote: http://rubygems.org/
  specs:
    faraday (0.8.1)
      multipart-post (~> 1.1)
    multi_json (1.3.6)
    multipart-post (1.1.5)
    oj (1.2.9)

PLATFORMS
  ruby

DEPENDENCIES
  faraday
  multi_json
  oj
